PATH
  remote: .
  specs:
    coffee-react (3.0.0)
      execjs

GEM
  remote: https://rubygems.org/
  specs:
    execjs (2.2.2)
    json (1.8.1)
    rake (10.3.2)

PLATFORMS
  ruby

DEPENDENCIES
  coffee-react!
  json
  rake
