PATH
  remote: .
  specs:
    coffee-react (0.5.1)
      execjs

GEM
  remote: https://rubygems.org/
  specs:
    execjs (2.2.1)
    json (1.8.1)
    libv8 (3.16.14.3)
    rake (10.3.2)
    ref (1.0.5)
    therubyracer (0.12.1)
      libv8 (~> 3.16.14.0)
      ref

PLATFORMS
  ruby

DEPENDENCIES
  coffee-react!
  json
  rake
  therubyracer
