PATH
  remote: .
  specs:
    coffee-react (3.4.0)
      execjs

GEM
  remote: https://rubygems.org/
  specs:
    execjs (2.6.0)
    json (1.8.1)
    libv8 (3.16.14.13)
    rake (10.3.2)
    ref (2.0.0)
    therubyracer (0.12.2)
      libv8 (~> 3.16.14.0)
      ref

PLATFORMS
  ruby

DEPENDENCIES
  coffee-react!
  json
  rake
  therubyracer

BUNDLED WITH
   1.10.6
